GEM
  remote: https://rubygems.org/
  specs:
    ansi (1.5.0)
    builder (3.2.2)
    codecov (0.1.5)
      json
      simplecov
      url
    coderay (1.1.1)
    docile (1.1.5)
    json (2.0.2)
    method_source (0.8.2)
    minitest (5.9.1)
    minitest-reporters (1.1.11)
      ansi
      builder
      minitest (>= 5.0)
      ruby-progressbar
    pry (0.10.4)
      coderay (~> 1.1.0)
      method_source (~> 0.8.1)
      slop (~> 3.4)
    rake (11.3.0)
    ruby-progressbar (1.8.1)
    simplecov (0.12.0)
      docile (~> 1.1.0)
      json (>= 1.8, < 3)
      simplecov-html (~> 0.10.0)
    simplecov-html (0.10.0)
    slop (3.6.0)
    url (0.3.2)

PLATFORMS
  ruby

DEPENDENCIES
  codecov
  minitest
  minitest-reporters
  pry
  rake

BUNDLED WITH
   1.13.2
